GEM
  remote: https://rubygems.org/
  specs:
    diff-lcs (1.2.5)
    json (1.8.1)
    kgio (2.9.2)
    marky_markov (0.3.5)
      msgpack
    msgpack (0.5.8)
    rack (1.5.2)
    rack-protection (1.5.2)
      rack
    raindrops (0.13.0)
    robut (0.5.2)
      sinatra (~> 1.3)
      xmpp4r (~> 0.5.0)
    rspec (2.14.1)
      rspec-core (~> 2.14.0)
      rspec-expectations (~> 2.14.0)
      rspec-mocks (~> 2.14.0)
    rspec-core (2.14.8)
    rspec-expectations (2.14.5)
      diff-lcs (>= 1.1.3, < 2.0)
    rspec-mocks (2.14.6)
    sinatra (1.4.4)
      rack (~> 1.4)
      rack-protection (~> 1.4)
      tilt (~> 1.3, >= 1.3.4)
    tilt (1.4.1)
    unicorn (4.8.2)
      kgio (~> 2.6)
      rack
      raindrops (~> 0.7)
    xmpp4r (0.5.6)

PLATFORMS
  ruby

DEPENDENCIES
  json
  marky_markov
  rack
  robut
  rspec
  unicorn
